PATH
  remote: .
  specs:
    httmultiparty (0.4.0)
      httparty (>= 0.7.3)
      mimemagic
      multipart-post

GEM
  remote: https://rubygems.org/
  specs:
    diff-lcs (1.1.3)
    fakeweb (1.3.0)
    httparty (0.13.3)
      json (~> 1.8)
      multi_xml (>= 0.5.2)
    json (1.8.1)
    mimemagic (0.2.1)
    multi_xml (0.5.5)
    multipart-post (2.0.0)
    rake (10.1.1)
    rspec (2.9.0)
      rspec-core (~> 2.9.0)
      rspec-expectations (~> 2.9.0)
      rspec-mocks (~> 2.9.0)
    rspec-core (2.9.0)
    rspec-expectations (2.9.1)
      diff-lcs (~> 1.1.3)
    rspec-mocks (2.9.0)

PLATFORMS
  ruby

DEPENDENCIES
  fakeweb
  httmultiparty!
  rake
  rspec
